GEM
  remote: https://rubygems.org/
  specs:
    faraday (2.7.10)
      faraday-net_http (>= 2.0, < 3.1)
      ruby2_keywords (>= 0.0.4)
    faraday-mashify (0.1.1)
      faraday (~> 2.0)
      hashie
    faraday-multipart (1.0.4)
      multipart-post (~> 2)
    faraday-net_http (3.0.2)
    gli (2.21.1)
    hashie (5.0.0)
    minitest (5.19.0)
    multipart-post (2.3.0)
    ruby2_keywords (0.0.5)
    slack-ruby-client (2.1.0)
      faraday (>= 2.0)
      faraday-mashify
      faraday-multipart
      gli
      hashie
    uri (0.12.2)

PLATFORMS
  aarch64-linux
  arm64-darwin-22
  arm64-darwin-23

DEPENDENCIES
  minitest (~> 5.19)
  slack-ruby-client
  uri

RUBY VERSION
   ruby 3.2.2p53

BUNDLED WITH
   2.4.17
